PATH
  remote: .
  specs:
    roda-enhanced_logger (0.3.0)
      roda (>= 3.19.0)
      tty-logger (>= 0.3, < 1.0)

GEM
  remote: https://rubygems.org/
  specs:
    ast (2.4.1)
    coderay (1.1.2)
    diff-lcs (1.3)
    ffi (1.13.1-java)
    lefthook (0.7.2)
    method_source (0.9.2)
    parallel (1.19.2)
    parser (2.7.2.0)
      ast (~> 2.4.1)
    pastel (0.8.0)
      tty-color (~> 0.5)
    pry (0.12.2)
      coderay (~> 1.1.0)
      method_source (~> 0.9.0)
    pry (0.12.2-java)
      coderay (~> 1.1.0)
      method_source (~> 0.9.0)
      spoon (~> 0.0)
    rack (2.2.3)
    rainbow (3.0.0)
    regexp_parser (1.8.2)
    rexml (3.2.4)
    roda (3.38.0)
      rack
    rspec (3.9.0)
      rspec-core (~> 3.9.0)
      rspec-expectations (~> 3.9.0)
      rspec-mocks (~> 3.9.0)
    rspec-core (3.9.0)
      rspec-support (~> 3.9.0)
    rspec-expectations (3.9.0)
      diff-lcs (>= 1.2.0, < 2.0)
      rspec-support (~> 3.9.0)
    rspec-mocks (3.9.0)
      diff-lcs (>= 1.2.0, < 2.0)
      rspec-support (~> 3.9.0)
    rspec-support (3.9.0)
    rubocop (1.0.0)
      parallel (~> 1.10)
      parser (>= 2.7.1.5)
      rainbow (>= 2.2.2, < 4.0)
      regexp_parser (>= 1.8)
      rexml
      rubocop-ast (>= 0.6.0)
      ruby-progressbar (~> 1.7)
      unicode-display_width (>= 1.4.0, < 2.0)
    rubocop-ast (1.0.1)
      parser (>= 2.7.1.5)
    rubocop-performance (1.8.1)
      rubocop (>= 0.87.0)
      rubocop-ast (>= 0.4.0)
    ruby-progressbar (1.10.1)
    sequel (5.24.0)
    spoon (0.0.6)
      ffi
    standard (0.8)
      rubocop (= 1.0.0)
      rubocop-performance (= 1.8.1)
    tty-color (0.6.0)
    tty-logger (0.5.0)
      pastel (~> 0.8)
    unicode-display_width (1.7.0)
    warning (0.10.1)

PLATFORMS
  ruby
  universal-java-14

DEPENDENCIES
  lefthook
  pry
  roda-enhanced_logger!
  rspec
  sequel (~> 5.24.0)
  standard
  warning

BUNDLED WITH
   2.2.1
